GIT
  remote: https://github.com/skywinder/github-changelog-generator
  revision: 20ee04ba1234e9e83eb2ffb5056e23d641c7a018
  ref: 20ee04ba1234e9e83eb2ffb5056e23d641c7a018
  specs:
    github_changelog_generator (1.15.0.pre.rc)
      activesupport
      faraday-http-cache
      multi_json
      octokit (~> 4.6)
      rainbow (>= 2.2.1)
      rake (>= 10.0)
      retriable (~> 3.0)

GEM
  remote: https://rubygems.org/
  specs:
    CFPropertyList (2.3.6)
    activesupport (6.1.4.1)
      concurrent-ruby (~> 1.0, >= 1.0.2)
      i18n (>= 1.6, < 2)
      minitest (>= 5.1)
      tzinfo (~> 2.0)
      zeitwerk (~> 2.3)
    addressable (2.5.2)
      public_suffix (>= 2.0.2, < 4.0)
    ansi (1.5.0)
    ast (2.4.2)
    awesome_print (1.9.2)
    aws-eventstream (1.0.1)
    aws-partitions (1.96.0)
    aws-sdk-core (3.22.1)
      aws-eventstream (~> 1.0)
      aws-partitions (~> 1.0)
      aws-sigv4 (~> 1.0)
      jmespath (~> 1.0)
    aws-sdk-ec2 (1.38.0)
      aws-sdk-core (~> 3)
      aws-sigv4 (~> 1.0)
    aws-sigv4 (1.0.3)
    bcrypt_pbkdf (1.1.0)
    beaker (3.37.0)
      beaker-abs (~> 0.4)
      beaker-aws (~> 0.1)
      beaker-docker (~> 0.1)
      beaker-google (~> 0.1)
      beaker-hiera (~> 0.0)
      beaker-hostgenerator
      beaker-openstack (~> 0.1)
      beaker-puppet (~> 0.0)
      beaker-vagrant (~> 0.1)
      beaker-vcloud (~> 0.1)
      beaker-vmpooler (~> 1.0)
      beaker-vmware (~> 0.1)
      hocon (~> 1.0)
      in-parallel (~> 0.1)
      inifile (~> 3.0)
      minitar (~> 0.6)
      minitest (~> 5.4)
      net-scp (~> 1.2)
      net-ssh (~> 4.0)
      open_uri_redirections (~> 0.2.1)
      pry-byebug (~> 3.4.2)
      rb-readline (~> 0.5.3)
      rsync (~> 1.0.9)
      stringify-hash (~> 0.0)
      thor (~> 0.19)
    beaker-abs (0.5.0)
    beaker-answers (0.23.0)
      hocon (~> 1.0)
      require_all (~> 1.3.2)
      stringify-hash (~> 0.0.0)
    beaker-aws (0.6.0)
      aws-partitions (~> 1.91)
      aws-sdk-ec2 (~> 1.35)
      stringify-hash (~> 0.0.0)
    beaker-docker (0.3.3)
      docker-api
      stringify-hash (~> 0.0.0)
    beaker-google (0.1.0)
      google-api-client (~> 0.9)
      stringify-hash (~> 0.0.0)
    beaker-hiera (0.1.1)
      stringify-hash (~> 0.0.0)
    beaker-hostgenerator (1.1.14)
      deep_merge (~> 1.0)
      stringify-hash (~> 0.0.0)
    beaker-openstack (0.2.0)
      fog-openstack
      stringify-hash (~> 0.0.0)
    beaker-pe (1.40.7)
      beaker-abs
      beaker-answers (~> 0.0)
      stringify-hash (~> 0.0.0)
    beaker-puppet (0.17.1)
      in-parallel (~> 0.1)
      oga
      stringify-hash (~> 0.0.0)
    beaker-rspec (6.2.3)
      beaker (~> 3.0)
      rspec (~> 3.0)
      serverspec (~> 2)
      specinfra (~> 2)
    beaker-vagrant (0.5.0)
      stringify-hash (~> 0.0.0)
    beaker-vcloud (0.4.0)
      beaker-vmpooler
      beaker-vmware
      rbvmomi (~> 1.9)
      stringify-hash (~> 0.0.0)
    beaker-vmpooler (1.4.0)
      stringify-hash (~> 0.0.0)
    beaker-vmware (0.3.0)
      fission (~> 0.4)
      rbvmomi (~> 1.9)
      stringify-hash (~> 0.0.0)
    bindata (2.4.10)
    bolt (2.5.0)
      CFPropertyList (~> 2.2)
      addressable (~> 2.5)
      aws-sdk-ec2 (~> 1)
      concurrent-ruby (~> 1.0)
      hiera-eyaml (~> 3)
      logging (~> 2.2)
      minitar (~> 0.6)
      net-scp (~> 1.2)
      net-ssh (>= 4.0)
      net-ssh-krb (~> 0.5)
      orchestrator_client (~> 0.4)
      puppet (>= 6.11.0, < 7)
      puppet-resource_api (>= 1.8.1)
      puppet-strings (~> 2.3)
      puppetfile-resolver (~> 0.1.0)
      r10k (~> 3.1)
      ruby_smb (~> 1.0)
      terminal-table (~> 1.8)
      winrm (~> 2.0)
      winrm-fs (~> 1.3)
    builder (3.2.4)
    byebug (9.0.6)
    codecov (0.6.0)
      simplecov (>= 0.15, < 0.22)
    coderay (1.1.2)
    colored2 (3.1.2)
    concurrent-ruby (1.1.9)
    connection_pool (2.2.5)
    cri (2.15.10)
    declarative (0.0.10)
    declarative-option (0.1.0)
    deep_merge (1.2.1)
    dependency_checker (0.2.0)
      parallel
      puppet_forge (~> 2.2)
      rake (~> 12.3)
      semantic_puppet (~> 1.0)
    diff-lcs (1.4.4)
    docile (1.4.0)
    docker-api (1.34.2)
      excon (>= 0.47.0)
      multi_json
    domain_name (0.5.20190701)
      unf (>= 0.0.5, < 1.0.0)
    ed25519 (1.2.4)
    erubi (1.10.0)
    excon (0.62.0)
    facter (2.5.7)
    facterdb (1.12.1)
      facter (< 5.0.0)
      jgrep
    faraday (0.15.2)
      multipart-post (>= 1.2, < 3)
    faraday-http-cache (2.0.0)
      faraday (~> 0.8)
    faraday_middleware (0.14.0)
      faraday (>= 0.7.4, < 1.0)
    fast_gettext (1.1.2)
    ffi (1.15.4)
    ffi-compiler (1.0.1)
      ffi (>= 1.0.0)
      rake
    fission (0.5.0)
      CFPropertyList (~> 2.2)
    fog-core (1.45.0)
      builder
      excon (~> 0.58)
      formatador (~> 0.2)
    fog-json (1.2.0)
      fog-core
      multi_json (~> 1.10)
    fog-openstack (0.1.27)
      fog-core (~> 1.45.0)
      fog-json (>= 1.0)
      ipaddress (>= 0.8)
    formatador (0.2.5)
    gettext (3.2.9)
      locale (>= 2.0.5)
      text (>= 1.3.0)
    gettext-setup (0.34)
      fast_gettext (~> 1.1.0)
      gettext (>= 3.0.2, < 3.3.0)
      locale
    google-api-client (0.23.4)
      addressable (~> 2.5, >= 2.5.1)
      googleauth (>= 0.5, < 0.7.0)
      httpclient (>= 2.8.1, < 3.0)
      mime-types (~> 3.0)
      representable (~> 3.0)
      retriable (>= 2.0, < 4.0)
    googleauth (0.6.2)
      faraday (~> 0.12)
      jwt (>= 1.4, < 3.0)
      logging (~> 2.0)
      memoist (~> 0.12)
      multi_json (~> 1.11)
      os (~> 0.9)
      signet (~> 0.7)
    gssapi (1.3.1)
      ffi (>= 1.0.1)
    gyoku (1.3.1)
      builder (>= 2.1.2)
    hiera (3.7.0)
    hiera-eyaml (3.2.2)
      highline
      optimist
    highline (2.0.3)
    hirb (0.7.3)
    hocon (1.3.1)
    honeycomb-beeline (2.7.1)
      libhoney (~> 1.14, >= 1.14.2)
    http (4.4.1)
      addressable (~> 2.3)
      http-cookie (~> 1.0)
      http-form_data (~> 2.2)
      http-parser (~> 1.2.0)
    http-accept (1.7.0)
    http-cookie (1.0.4)
      domain_name (~> 0.5)
    http-form_data (2.3.0)
    http-parser (1.2.3)
      ffi-compiler (>= 1.0, < 2.0)
    httpclient (2.8.3)
    i18n (1.8.11)
      concurrent-ruby (~> 1.0)
    in-parallel (0.1.17)
    inifile (3.0.0)
    ipaddress (0.8.3)
    jgrep (1.5.4)
    jmespath (1.6.1)
    json (2.6.1)
    json-schema (2.8.1)
      addressable (>= 2.4)
    jwt (2.1.0)
    libhoney (1.21.0)
      addressable (~> 2.0)
      excon
      http (>= 2.0, < 6.0)
    little-plugger (1.1.4)
    locale (2.1.3)
    log4r (1.1.10)
    logging (2.2.2)
      little-plugger (~> 1.1)
      multi_json (~> 1.10)
    memoist (0.16.0)
    metaclass (0.0.4)
    metadata-json-lint (3.0.1)
      json-schema (~> 2.8)
      spdx-licenses (~> 1.0)
    method_source (0.8.2)
    mime-types (3.1)
      mime-types-data (~> 3.2015)
    mime-types-data (3.2016.0521)
    mini_portile2 (2.8.0)
    minitar (0.6.1)
    minitest (5.14.4)
    mocha (1.1.0)
      metaclass (~> 0.0.1)
    molinillo (0.8.0)
    multi_json (1.15.0)
    multipart-post (2.0.0)
    net-http-persistent (4.0.1)
      connection_pool (~> 2.2)
    net-scp (1.2.1)
      net-ssh (>= 2.6.5)
    net-ssh (4.2.0)
    net-ssh-krb (0.5.1)
      gssapi (~> 1.3.0)
      net-ssh (>= 2.0)
    net-telnet (0.1.1)
    netrc (0.11.0)
    nokogiri (1.13.6)
      mini_portile2 (~> 2.8.0)
      racc (~> 1.4)
    nori (2.6.0)
    octokit (4.9.0)
      sawyer (~> 0.8.0, >= 0.5.3)
    oga (3.3)
      ast
      ruby-ll (~> 2.1)
    open_uri_redirections (0.2.1)
    optimist (3.0.1)
    orchestrator_client (0.5.2)
      faraday
      net-http-persistent
    os (0.9.6)
    parallel (1.21.0)
    parallel_tests (3.7.3)
      parallel
    parser (3.0.3.1)
      ast (~> 2.4.1)
    pathspec (0.2.1)
    pluginator (1.5.0)
    pry (0.10.4)
      coderay (~> 1.1.0)
      method_source (~> 0.8.1)
      slop (~> 3.4)
    pry-byebug (3.4.3)
      byebug (>= 9.0, < 9.1)
      pry (~> 0.10)
    public_suffix (3.0.2)
    puppet (6.25.1)
      concurrent-ruby (~> 1.0)
      deep_merge (~> 1.0)
      facter (> 2.0.1, < 5)
      fast_gettext (~> 1.1)
      hiera (>= 3.2.1, < 4)
      httpclient (~> 2.8)
      locale (~> 2.1)
      multi_json (~> 1.10)
      puppet-resource_api (~> 1.5)
      semantic_puppet (~> 1.0)
    puppet-blacksmith (6.1.1)
      puppet-modulebuilder (~> 0.2)
      rest-client (~> 2.0)
    puppet-debugger (1.2.0)
      awesome_print (~> 1.7)
      bundler
      facterdb (>= 0.4.0)
      pluginator (~> 1.5.0)
      puppet (>= 5.5)
      rb-readline (>= 0.5.5)
      table_print (>= 1.0.0)
      tty-pager (~> 0.13.0)
    puppet-lint (2.5.2)
    puppet-module-posix-default-r2.7 (1.1.1)
    puppet-module-posix-dev-r2.7 (1.1.1)
      bcrypt_pbkdf (~> 1.0)
      codecov (~> 0.2)
      concurrent-ruby (!= 1.1.6)
      dependency_checker (~> 0.2)
      ed25519 (~> 1.2)
      facterdb (>= 0.8.1, < 2.0.0)
      metadata-json-lint (>= 2.0.2, < 4.0.0)
      mocha (>= 1.0.0, < 1.2.0)
      parallel_tests (~> 3.4)
      pry (~> 0.10)
      puppet-blacksmith (~> 6.0)
      puppet-debugger (~> 1.0)
      puppet-lint (>= 2.3.0, < 3.0.0)
      puppet-resource_api (~> 1.8)
      puppet-strings (~> 2.0)
      puppet-syntax (~> 3.0)
      puppetlabs_spec_helper (>= 2.9.0, < 4.0.0)
      rainbow (~> 2.0)
      rspec-puppet (>= 2.3.2, < 3.0.0)
      rspec-puppet-facts (>= 1.10.0, < 3)
      rspec_junit_formatter (~> 0.2)
      rubocop (= 1.6.1)
      rubocop-performance (= 1.9.1)
      rubocop-rspec (= 2.0.1)
      serverspec (~> 2.41)
      simplecov (< 0.19.0)
      simplecov-console (~> 0.4.2)
      specinfra (= 2.82.2)
    puppet-module-posix-system-r2.7 (1.1.1)
      puppet_litmus (~> 0.20)
    puppet-modulebuilder (0.2.1)
      minitar (~> 0.6)
      pathspec (~> 0.2.1)
    puppet-resource_api (1.8.14)
      hocon (>= 1.0)
    puppet-strings (2.9.0)
      rgen
      yard (~> 0.9.5)
    puppet-syntax (3.1.0)
      puppet (>= 5)
      rake
    puppet_forge (2.3.4)
      faraday (>= 0.9.0, < 0.18.0, != 0.13.1)
      faraday_middleware (>= 0.9.0, < 0.15.0)
      gettext-setup (~> 0.11)
      minitar
      semantic_puppet (~> 1.0)
    puppet_litmus (0.30.0)
      bolt (>= 2.0.1, < 4.0.0)
      docker-api (>= 1.34, < 3.0.0)
      honeycomb-beeline
      parallel
      puppet-modulebuilder (>= 0.2.1, < 1.0.0)
      retryable (~> 3.0)
      rspec
      rspec_honeycomb_formatter
      tty-spinner (>= 0.5.0, < 1.0.0)
    puppetfile-resolver (0.1.0)
      molinillo (~> 0.6)
      semantic_puppet (~> 1.0)
    puppetlabs_spec_helper (3.0.0)
      mocha (~> 1.0)
      pathspec (>= 0.2.1, < 1.1.0)
      puppet-lint (~> 2.0)
      puppet-syntax (>= 2.0, < 4)
      rspec-puppet (~> 2.0)
    r10k (3.10.0)
      colored2 (= 3.1.2)
      cri (= 2.15.10)
      fast_gettext (~> 1.1.0)
      gettext (>= 3.0.2, < 3.3.0)
      gettext-setup (~> 0.24)
      log4r (= 1.1.10)
      multi_json (~> 1.10)
      puppet_forge (~> 2.3.0)
    racc (1.6.0)
    rainbow (2.2.2)
      rake
    rake (12.3.3)
    rb-readline (0.5.5)
    rbvmomi (1.13.0)
      builder (~> 3.0)
      json (>= 1.8)
      nokogiri (~> 1.5)
      trollop (~> 2.1)
    regexp_parser (2.1.1)
    representable (3.0.4)
      declarative (< 0.1.0)
      declarative-option (< 0.2.0)
      uber (< 0.2.0)
    require_all (1.3.3)
    rest-client (2.1.0)
      http-accept (>= 1.7.0, < 2.0)
      http-cookie (>= 1.0.2, < 2.0)
      mime-types (>= 1.16, < 4.0)
      netrc (~> 0.8)
    retriable (3.1.2)
    retryable (3.0.5)
    rexml (3.2.5)
    rgen (0.9.0)
    rspec (3.10.0)
      rspec-core (~> 3.10.0)
      rspec-expectations (~> 3.10.0)
      rspec-mocks (~> 3.10.0)
    rspec-core (3.10.1)
      rspec-support (~> 3.10.0)
    rspec-expectations (3.10.1)
      diff-lcs (>= 1.2.0, < 2.0)
      rspec-support (~> 3.10.0)
    rspec-its (1.3.0)
      rspec-core (>= 3.0.0)
      rspec-expectations (>= 3.0.0)
    rspec-mocks (3.10.2)
      diff-lcs (>= 1.2.0, < 2.0)
      rspec-support (~> 3.10.0)
    rspec-puppet (2.11.0)
      rspec
    rspec-puppet-facts (2.0.3)
      facter
      facterdb (>= 0.5.0)
      puppet
    rspec-support (3.10.3)
    rspec_honeycomb_formatter (0.2.1)
      honeycomb-beeline
      rspec-core (~> 3.0)
    rspec_junit_formatter (0.4.1)
      rspec-core (>= 2, < 4, != 2.12.0)
    rsync (1.0.9)
    rubocop (1.6.1)
      parallel (~> 1.10)
      parser (>= 2.7.1.5)
      rainbow (>= 2.2.2, < 4.0)
      regexp_parser (>= 1.8, < 3.0)
      rexml
      rubocop-ast (>= 1.2.0, < 2.0)
      ruby-progressbar (~> 1.7)
      unicode-display_width (>= 1.4.0, < 2.0)
    rubocop-ast (1.14.0)
      parser (>= 3.0.1.1)
    rubocop-performance (1.9.1)
      rubocop (>= 0.90.0, < 2.0)
      rubocop-ast (>= 0.4.0)
    rubocop-rspec (2.0.1)
      rubocop (~> 1.0)
      rubocop-ast (>= 1.1.0)
    ruby-ll (2.1.2)
      ansi
      ast
    ruby-progressbar (1.11.0)
    ruby_smb (1.1.0)
      bindata
      rubyntlm
      windows_error
    rubyntlm (0.6.3)
    rubyzip (2.3.2)
    sawyer (0.8.1)
      addressable (>= 2.3.5, < 2.6)
      faraday (~> 0.8, < 1.0)
    semantic_puppet (1.0.4)
    serverspec (2.41.8)
      multi_json
      rspec (~> 3.0)
      rspec-its
      specinfra (~> 2.72)
    sfl (2.3)
    signet (0.8.1)
      addressable (~> 2.3)
      faraday (~> 0.9)
      jwt (>= 1.5, < 3.0)
      multi_json (~> 1.10)
    simplecov (0.18.5)
      docile (~> 1.1)
      simplecov-html (~> 0.11)
    simplecov-console (0.4.2)
      ansi
      hirb
      simplecov
    simplecov-html (0.12.3)
    slop (3.6.0)
    spdx-licenses (1.3.0)
    specinfra (2.82.2)
      net-scp
      net-ssh (>= 2.7)
      net-telnet (= 0.1.1)
      sfl
    stringify-hash (0.0.2)
    strings (0.1.8)
      strings-ansi (~> 0.1)
      unicode-display_width (~> 1.5)
      unicode_utils (~> 1.4)
    strings-ansi (0.2.0)
    table_print (1.5.7)
    terminal-table (1.8.0)
      unicode-display_width (~> 1.1, >= 1.1.1)
    text (1.3.1)
    thor (0.20.3)
    trollop (2.9.10)
    tty-cursor (0.7.1)
    tty-pager (0.13.0)
      strings (~> 0.1.8)
      tty-screen (~> 0.8)
    tty-screen (0.8.1)
    tty-spinner (0.9.3)
      tty-cursor (~> 0.7)
    tzinfo (2.0.4)
      concurrent-ruby (~> 1.0)
    uber (0.1.0)
    unf (0.1.4)
      unf_ext
    unf_ext (0.0.8)
    unicode-display_width (1.8.0)
    unicode_utils (1.4.0)
    webrick (1.7.0)
    windows_error (0.1.2)
    winrm (2.3.6)
      builder (>= 2.1.2)
      erubi (~> 1.8)
      gssapi (~> 1.2)
      gyoku (~> 1.0)
      httpclient (~> 2.2, >= 2.2.0.2)
      logging (>= 1.6.1, < 3.0)
      nori (~> 2.0)
      rubyntlm (~> 0.6.0, >= 0.6.3)
    winrm-fs (1.3.5)
      erubi (~> 1.8)
      logging (>= 1.6.1, < 3.0)
      rubyzip (~> 2.0)
      winrm (~> 2.0)
    yard (0.9.27)
      webrick (~> 1.7.0)
    zeitwerk (2.5.1)

PLATFORMS
  ruby

DEPENDENCIES
  beaker (~> 3.13)
  beaker-abs (~> 0.1)
  beaker-hostgenerator
  beaker-pe
  beaker-rspec
  fast_gettext
  github_changelog_generator!
  puppet
  puppet-module-posix-default-r2.7
  puppet-module-posix-dev-r2.7
  puppet-module-posix-system-r2.7
  puppet-module-win-default-r2.7
  puppet-module-win-dev-r2.7
  puppet-module-win-system-r2.7

BUNDLED WITH
   1.16.1
